{
      "Modality": "MR",
      "MagneticFieldStrength": 3,
      "ImagingFrequency": 123.229,
      "Manufacturer": "Siemens",
      "ManufacturersModelName": "TrioTim",
      "InstitutionName": "BIC",
      "InstitutionalDepartmentName": "Department",
      "InstitutionAddress": "Street_StreetNo_Berkeley_District_US_ZIP",
      "DeviceSerialNumber": "35328",
      "StationName": "MRC35328",
      "PatientPosition": "HFS",
      "ProcedureStepDescription": "Despo_Lab_ScanTrain",
      "SoftwareVersions": "syngo_MR_B17",
      "MRAcquisitionType": "2D",
      "SeriesDescription": "mb_bold_mb2_trainloc_secround",
      "ProtocolName": "mb_bold_mb2_trainloc_secround",
      "ScanningSequence": "EP",
      "SequenceVariant": "SK_SS",
      "ScanOptions": "FS",
      "SequenceName": "epfid2d1_84",
      "ImageType": [
            "ORIGINAL",
            "PRIMARY",
            "M",
            "MB",
            "ND",
            "MOSAIC"
      ],
      "SeriesNumber": 12,
      "AcquisitionTime": "18:26:29.385000",
      "AcquisitionNumber": 1,
      "ImageComments": "Unaliased_MB2_PE2_LB",
      "SliceThickness": 2.5,
      "SpacingBetweenSlices": 2.5,
      "SAR": 0.0829522,
      "EchoTime": 0.0302,
      "RepetitionTime": 2,
      "FlipAngle": 80,
      "PartialFourier": 1,
      "BaseResolution": 84,
      "ShimSetting": [
            -2784,
            6442,
            -19242,
            1050,
            -110,
            358,
            -18,
            -13
      ],
      "TxRefAmp": 319.526,
      "PhaseResolution": 1,
      "ReceiveCoilName": "32Ch_Head",
      "CoilString": "C:HEA;HEP",
      "PulseSequenceDetails": "%CustomerSeq%_cmrr_mbep2d_bold",
      "MultibandAccelerationFactor": 2,
      "PercentPhaseFOV": 100,
      "PhaseEncodingSteps": 84,
      "AcquisitionMatrixPE": 84,
      "ReconMatrixPE": 84,
      "BandwidthPerPixelPhaseEncode": 22.046,
      "EffectiveEchoSpacing": 0.000539996,
      "DerivedVendorReportedEchoSpacing": 0.000539996,
      "TotalReadoutTime": 0.0448197,
      "PixelBandwidth": 2205,
      "DwellTime": 2.7e-06,
      "PhaseEncodingDirection": "j",
      "SliceTiming": [
            0,
            1.4675,
            0.9275,
            0.385,
            1.8525,
            1.3125,
            0.7725,
            0.2325,
            1.6975,
            1.1575,
            0.6175,
            0.0775,
            1.545,
            1.0025,
            0.4625,
            1.93,
            1.39,
            0.85,
            0.3075,
            1.775,
            1.235,
            0.695,
            0.155,
            1.6225,
            1.08,
            0.54,
            0,
            1.4675,
            0.9275,
            0.385,
            1.8525,
            1.3125,
            0.7725,
            0.2325,
            1.6975,
            1.1575,
            0.6175,
            0.0775,
            1.545,
            1.0025,
            0.4625,
            1.93,
            1.39,
            0.85,
            0.3075,
            1.775,
            1.235,
            0.695,
            0.155,
            1.6225,
            1.08,
            0.54
      ],
      "ImageOrientationPatientDICOM": [
            1,
            0,
            0,
            0,
            0.973976,
            -0.226651
      ],
      "InPlanePhaseEncodingDirectionDICOM": "COL",
      "ConversionSoftware": "dcm2niix",
      "ConversionSoftwareVersion": "v1.0.20190902",
      "TaskName": "localizerSR"
}