{
      "Manufacturer": "Siemens",
      "ManufacturersModelName": "TrioTim",
      "AcquisitionNumber": 1,
      "InstitutionName": "Brain_Imaging_Center",
      "InstitutionAddress": "Street_StreetNo_Berkeley_District_US_ZIP",
      "DeviceSerialNumber": "35328",
      "SoftwareVersions": "syngo_MR_B17",
      "ProcedureStepDescription": "Despo_Lab_ScanTrain",
      "ScanningSequence": "EP",
      "SequenceVariant": "SK_SS",
      "SeriesDescription": "mb_bold_mb2_workingmemory",
      "ProtocolName": "mb_bold_mb2_workingmemory",
      "SequenceName": "epfid2d1_84",
      "ImageType": [
            "ORIGINAL",
            "PRIMARY",
            "M",
            "MB",
            "ND",
            "NORM",
            "MOSAIC"
      ],
      "AcquisitionTime": "17:46:40.602500",
      "MagneticFieldStrength": 3,
      "FlipAngle": 80,
      "EchoTime": 0.0302,
      "RepetitionTime": 2,
      "PhaseEncodingLines": 84,
      "BandwidthPerPixelPhaseEncode": 22.046,
      "EffectiveEchoSpacing": 0.000539996,
      "TotalReadoutTime": 0.0448197,
      "SliceTiming": [
            0,
            1.465,
            0.925,
            0.385,
            1.8525,
            1.3125,
            0.77,
            0.23,
            1.6975,
            1.1575,
            0.6175,
            0.075,
            1.5425,
            1.0025,
            0.4625,
            1.93,
            1.39,
            0.8475,
            0.3075,
            1.775,
            1.235,
            0.695,
            0.1525,
            1.62,
            1.08,
            0.54,
            0,
            1.465,
            0.925,
            0.385,
            1.8525,
            1.3125,
            0.77,
            0.23,
            1.6975,
            1.1575,
            0.6175,
            0.075,
            1.5425,
            1.0025,
            0.4625,
            1.93,
            1.39,
            0.8475,
            0.3075,
            1.775,
            1.235,
            0.695,
            0.1525,
            1.62,
            1.08,
            0.54
      ],
      "PhaseEncodingDirection": "j",
      "ConversionSoftware": "dcm2niix",
      "ConversionSoftwareVersion": "v1.0.20170724 GCC4.4.7",
      "TaskName": "fractalWM"
}