{
	"Manufacturer": "Siemens",
	"ManufacturersModelName": "TrioTim",
	"AcquisitionNumber": 1,
	"InstitutionName": "BIC",
	"InstitutionAddress": "Street_StreetNo_Berkeley_District_US_ZIP",
	"DeviceSerialNumber": "35328",
	"SoftwareVersions": "syngo_MR_B17",
	"ProcedureStepDescription": "Despo_Lab_ScanTrain",
	"ScanningSequence": "EP",
	"SequenceVariant": "SK_SS",
	"SeriesDescription": "mb_bold_mb2_rest",
	"ProtocolName": "mb_bold_mb2_rest",
	"SequenceName": "epfid2d1_84",
	"ImageType": ["ORIGINAL", "PRIMARY", "M", "MB", "ND", "NORM", "MOSAIC"],
	"AcquisitionTime": "16:23:32.800000",
	"MagneticFieldStrength": 3,
	"FlipAngle": 80,
	"EchoTime": 0.0302,
	"RepetitionTime": 2,
	"PhaseEncodingLines": 84,
	"BandwidthPerPixelPhaseEncode": 22.046,
	"EffectiveEchoSpacing": 0.000539996,
	"TotalReadoutTime": 0.0448197,
	"SliceTiming": [
		0,
		1.4675,
		0.9275,
		0.3875,
		1.855,
		1.3125,
		0.7725,
		0.2325,
		1.7,
		1.16,
		0.6175,
		0.0775,
		1.545,
		1.005,
		0.465,
		1.9325,
		1.39,
		0.85,
		0.31,
		1.7775,
		1.2375,
		0.695,
		0.155,
		1.6225,
		1.0825,
		0.5425,
		0,
		1.4675,
		0.9275,
		0.3875,
		1.855,
		1.3125,
		0.7725,
		0.2325,
		1.7,
		1.16,
		0.6175,
		0.0775,
		1.545,
		1.005,
		0.465,
		1.9325,
		1.39,
		0.85,
		0.31,
		1.7775,
		1.2375,
		0.695,
		0.155,
		1.6225,
		1.0825,
		0.5425	],
	"PhaseEncodingDirection": "j",
	"ConversionSoftware": "dcm2niix",
	"ConversionSoftwareVersion": "v1.0.20170724 GCC4.4.7"
}
